PATH
  remote: .
  specs:
    cocoapods-stats (1.0.0)

GEM
  remote: https://rubygems.org/
  specs:
    activesupport (4.2.5)
      i18n (~> 0.7)
      json (~> 1.7, >= 1.7.7)
      minitest (~> 5.1)
      thread_safe (~> 0.3, >= 0.3.4)
      tzinfo (~> 1.1)
    ast (2.2.0)
    bacon (1.2.0)
    claide (1.0.0.beta.1)
    cocoapods (1.0.0.beta.2)
      activesupport (>= 4.0.2)
      claide (>= 1.0.0.beta.1, < 2.0)
      cocoapods-core (= 1.0.0.beta.2)
      cocoapods-deintegrate (>= 1.0.0.beta.1, < 2.0)
      cocoapods-downloader (>= 1.0.0.beta.1, < 2.0)
      cocoapods-plugins (>= 1.0.0.beta.1, < 2.0)
      cocoapods-search (>= 1.0.0.beta.1, < 2.0)
      cocoapods-stats (= 1.0.0)
      cocoapods-trunk (>= 1.0.0.beta.1, < 2.0)
      cocoapods-try (>= 1.0.0.beta.2, < 2.0)
      colored (~> 1.2)
      escape (~> 0.0.4)
      fourflusher (~> 0.3.0)
      molinillo (~> 0.4.1)
      nap (~> 1.0)
      xcodeproj (>= 1.0.0.beta.1, < 2.0)
    cocoapods-core (1.0.0.beta.2)
      activesupport (>= 4.0.2)
      fuzzy_match (~> 2.0.4)
      nap (~> 1.0)
    cocoapods-deintegrate (1.0.0.beta.1)
    cocoapods-downloader (1.0.0.beta.1)
    cocoapods-plugins (1.0.0.beta.1)
      nap
    cocoapods-search (1.0.0.beta.1)
    cocoapods-trunk (1.0.0.beta.1)
      nap (>= 0.8, < 2.0)
      netrc (= 0.7.8)
    cocoapods-try (1.0.0.beta.2)
    colored (1.2)
    escape (0.0.4)
    fourflusher (0.3.0)
    fuzzy_match (2.0.4)
    i18n (0.7.0)
    json (1.8.3)
    metaclass (0.0.4)
    minitest (5.8.3)
    mocha (1.1.0)
      metaclass (~> 0.0.1)
    mocha-on-bacon (0.2.2)
      mocha (>= 0.13.0)
    molinillo (0.4.1)
    nap (1.0.0)
    netrc (0.7.8)
    parser (2.3.0.7)
      ast (~> 2.2)
    powerpack (0.1.1)
    prettybacon (0.0.2)
      bacon (~> 1.2)
    rainbow (2.1.0)
    rake (10.4.2)
    rubocop (0.39.0)
      parser (>= 2.3.0.7, < 3.0)
      powerpack (~> 0.1)
      rainbow (>= 1.99.1, < 3.0)
      ruby-progressbar (~> 1.7)
      unicode-display_width (~> 1.0, >= 1.0.1)
    ruby-progressbar (1.7.5)
    thread_safe (0.3.5)
    tzinfo (1.2.2)
      thread_safe (~> 0.1)
    unicode-display_width (1.0.3)
    xcodeproj (1.0.0.beta.2)
      activesupport (>= 3)
      claide (>= 1.0.0.beta.1, < 2.0)
      colored (~> 1.2)

PLATFORMS
  ruby

DEPENDENCIES
  bacon
  bundler (~> 1.3)
  cocoapods (>= 0.a)
  cocoapods-stats!
  mocha-on-bacon
  prettybacon
  rake (~> 10.0)
  rubocop

BUNDLED WITH
   1.11.2
